GEM
  remote: https://rubygems.org/
  specs:
    actionmailer (3.2.4.rc1)
      actionpack (= 3.2.4.rc1)
      mail (~> 2.4.4)
    actionpack (3.2.4.rc1)
      activemodel (= 3.2.4.rc1)
      activesupport (= 3.2.4.rc1)
      builder (~> 3.0.0)
      erubis (~> 2.7.0)
      journey (~> 1.0.1)
      rack (~> 1.4.0)
      rack-cache (~> 1.2)
      rack-test (~> 0.6.1)
      sprockets (~> 2.1.3)
    activemodel (3.2.4.rc1)
      activesupport (= 3.2.4.rc1)
      builder (~> 3.0.0)
    activerecord (3.2.4.rc1)
      activemodel (= 3.2.4.rc1)
      activesupport (= 3.2.4.rc1)
      arel (~> 3.0.2)
      tzinfo (~> 0.3.29)
    activeresource (3.2.4.rc1)
      activemodel (= 3.2.4.rc1)
      activesupport (= 3.2.4.rc1)
    activesupport (3.2.4.rc1)
      i18n (~> 0.6)
      multi_json (~> 1.0)
    addressable (2.3.2)
    ansi (1.4.3)
    arel (3.0.2)
    bootstrap-sass (2.2.1.1)
      sass (~> 3.2)
    builder (3.0.4)
    coffee-rails (3.2.2)
      coffee-script (>= 2.2.0)
      railties (~> 3.2.0)
    coffee-script (2.2.0)
      coffee-script-source
      execjs
    coffee-script-source (1.4.0)
    crack (0.3.1)
    daemons (1.1.9)
    erubis (2.7.0)
    eventmachine (1.0.0.rc.1)
    eventmachine (1.0.0.rc.1-x86-mingw32)
    execjs (1.4.0)
      multi_json (~> 1.0)
    hike (1.2.1)
    i18n (0.6.1)
    journey (1.0.4)
    jquery-rails (2.1.3)
      railties (>= 3.1.0, < 5.0)
      thor (~> 0.14)
    jquery-ui-rails (2.0.2)
      jquery-rails
      railties (>= 3.1.0)
    json (1.7.5)
    mail (2.4.4)
      i18n (>= 0.4.0)
      mime-types (~> 1.16)
      treetop (~> 1.4.8)
    metaclass (0.0.1)
    mime-types (1.19)
    minitest (4.3.0)
    mocha (0.13.0)
      metaclass (~> 0.0.1)
    multi_json (1.3.7)
    newrelic_rpm (3.5.2.17)
    nokogiri (1.5.5)
    nokogiri (1.5.5-x86-mingw32)
    pg (0.14.1)
    pg (0.14.1-x86-mingw32)
    pjax_rails (0.3.4)
      jquery-rails
    polyglot (0.3.3)
    rack (1.4.1)
    rack-cache (1.2)
      rack (>= 0.4)
    rack-ssl (1.3.2)
      rack
    rack-test (0.6.2)
      rack (>= 1.0)
    rails (3.2.4.rc1)
      actionmailer (= 3.2.4.rc1)
      actionpack (= 3.2.4.rc1)
      activerecord (= 3.2.4.rc1)
      activeresource (= 3.2.4.rc1)
      activesupport (= 3.2.4.rc1)
      bundler (~> 1.0)
      railties (= 3.2.4.rc1)
    railties (3.2.4.rc1)
      actionpack (= 3.2.4.rc1)
      activesupport (= 3.2.4.rc1)
      rack-ssl (~> 1.3.2)
      rake (>= 0.8.7)
      rdoc (~> 3.4)
      thor (>= 0.14.6, < 2.0)
    rake (0.9.2.2)
    rdoc (3.12)
      json (~> 1.4)
    sass (3.2.3)
    sass-rails (3.2.5)
      railties (~> 3.2.0)
      sass (>= 3.1.10)
      tilt (~> 1.3)
    sitemap_generator (3.4)
      builder
    sprockets (2.1.3)
      hike (~> 1.2)
      rack (~> 1.0)
      tilt (~> 1.1, != 1.3.0)
    thin (1.5.0)
      daemons (>= 1.0.9)
      eventmachine (>= 0.12.6)
      rack (>= 1.0.0)
    thor (0.16.0)
    tilt (1.3.3)
    treetop (1.4.12)
      polyglot
      polyglot (>= 0.3.1)
    turn (0.9.6)
      ansi
    tzinfo (0.3.35)
    uglifier (1.3.0)
      execjs (>= 0.3.0)
      multi_json (~> 1.0, >= 1.0.2)
    vcr (2.3.0)
    webmock (1.9.0)
      addressable (>= 2.2.7)
      crack (>= 0.1.7)

PLATFORMS
  ruby
  x86-mingw32

DEPENDENCIES
  bootstrap-sass
  coffee-rails (~> 3.2.1)
  eventmachine (= 1.0.0.rc.1)
  jquery-rails
  jquery-ui-rails
  json
  minitest
  mocha
  newrelic_rpm
  nokogiri
  pg
  pjax_rails
  rails (= 3.2.4.rc1)
  rake (= 0.9.2.2)
  sass-rails (~> 3.2.3)
  sitemap_generator
  thin
  turn
  uglifier (>= 1.0.3)
  vcr
  webmock
